GIT
  remote: https://github.com/alf-tool/alf-core
  revision: 87e2423e005297f0605711efc918f2b484db324f
  specs:
    alf-core (0.13.0)
      domain (~> 1.0)
      myrrha (~> 3.0)
      path (~> 1.3)
      sexpr (~> 0.5.1)

GIT
  remote: https://github.com/blambeau/agora
  revision: ac60a968c9a0db95232c4861bcc1b12d9bc1aa7b
  specs:
    agora (0.1.1)
      alf-core (~> 0.13.0)
      path (~> 1.3.1)
      quickl (~> 0.4.3)
      redcarpet (~> 2.0)
      wlang (~> 2.2)

GEM
  remote: https://rubygems.org/
  specs:
    backports (2.8.2)
    citrus (2.4.1)
    daemons (1.1.9)
    diff-lcs (1.2.4)
    domain (1.0.0)
    eventmachine (1.0.3)
    myrrha (3.0.0)
      domain (~> 1.0)
    path (1.3.1)
    quickl (0.4.3)
    rack (1.5.2)
    rack-protection (1.5.0)
      rack
    rack-test (0.6.2)
      rack (>= 1.0)
    rake (10.0.4)
    redcarpet (2.2.2)
    rspec (2.13.0)
      rspec-core (~> 2.13.0)
      rspec-expectations (~> 2.13.0)
      rspec-mocks (~> 2.13.0)
    rspec-core (2.13.1)
    rspec-expectations (2.13.0)
      diff-lcs (>= 1.1.3, < 2.0)
    rspec-mocks (2.13.1)
    sexpr (0.5.1)
    sinatra (1.4.2)
      rack (~> 1.5, >= 1.5.2)
      rack-protection (~> 1.4)
      tilt (~> 1.3, >= 1.3.4)
    sinatra-contrib (1.4.0)
      backports (>= 2.0)
      eventmachine
      rack-protection
      rack-test
      sinatra (~> 1.4.2)
      tilt (~> 1.3)
    sinatra-reloader (1.0)
      sinatra-contrib
    temple (0.4.1)
    thin (1.5.1)
      daemons (>= 1.0.9)
      eventmachine (>= 0.12.6)
      rack (>= 1.0.0)
    tilt (1.4.1)
    wlang (2.2.2)
      backports (~> 2.6)
      citrus (~> 2.4.1)
      path (~> 1.3)
      quickl (~> 0.4.3)
      temple (~> 0.4.0)

PLATFORMS
  ruby

DEPENDENCIES
  agora!
  alf-core!
  path (~> 1.3)
  rack-test
  rake
  rspec
  sinatra (~> 1.4)
  sinatra-reloader
  thin
  wlang (~> 2.2.2)
